GEM
  remote: https://rubygems.org/
  specs:
    power_assert (0.2.7)
    rake (12.0.0)
    test-unit (3.1.8)
      power_assert

PLATFORMS
  ruby

DEPENDENCIES
  rake (~> 12.0)
  test-unit (~> 3.1)

RUBY VERSION
   ruby 2.4.1p111

BUNDLED WITH
   1.14.6
